GEM
  remote: https://rubygems.org/
  specs:
    cinch (2.3.2)
    facets (3.1.0)
    slack-notifier (1.5.1)

PLATFORMS
  ruby

DEPENDENCIES
  cinch
  facets
  slack-notifier

BUNDLED WITH
   1.11.2
