GEM
  remote: https://rubygems.org/
  specs:
    cinch (2.3.2)
    facets (3.1.0)

PLATFORMS
  ruby

DEPENDENCIES
  cinch
  facets

BUNDLED WITH
   1.11.2
