GEM
  remote: https://rubygems.org/
  specs:
    cinch (2.3.2)
    facets (3.1.0)
    i2c (0.4.0)

PLATFORMS
  ruby

DEPENDENCIES
  cinch
  facets
  i2c

BUNDLED WITH
   1.11.2
